NUGET
  remote: http://api.nuget.org/v3/index.json
    FAKE (4.41.1)
    NUnit (2.6.4)
    NUnit.Runners (2.6.4)
